GIT
  remote: git://github.com/PixieEngine/EditorBase
  revision: 03efc29f29fa5ba35097e74144a66cd1074b44a1
  specs:
    editor_base (0.0.1)
      backbone-source
      coffee-filter
      cornerstone-source
      haml_coffee_assets
      jquery-source
      underscore-source

GIT
  remote: git://github.com/PixieEngine/pixie_sass
  revision: 9c4f7df796b02fde788f8e484d2b079f60e957b8
  specs:
    pixie_sass (0.0.1)
      compass

GIT
  remote: git://github.com/dzello/haml_coffee_assets.git
  revision: a45de15794f8a2cbea816a6aa28cd6ad53820bbd
  specs:
    haml_coffee_assets (0.8.4)
      execjs (>= 1.2.9)
      sprockets (>= 2.0.3)
      tilt (>= 1.3.3)

GIT
  remote: git://github.com/johnbintz/guard-jasmine-headless-webkit.git
  revision: 644f24cc4cba590c99572f6ea87335e24fb93264
  specs:
    guard-jasmine-headless-webkit (0.4.0.rc1)
      guard (>= 0.4.0)
      jasmine-headless-webkit (>= 0.7.0)

GIT
  remote: git://github.com/johnbintz/jasmine-headless-webkit.git
  revision: aa1d989a90c7ebc2d5ac372f2228fbbbcd335fb0
  specs:
    jasmine-headless-webkit (0.9.0.rc.2)
      coffee-script
      jasmine-core
      multi_json (>= 1.2.0)
      rainbow
      sprockets
      sprockets-vendor_gems

GEM
  remote: http://rubygems.org/
  specs:
    activesupport (3.2.8)
      i18n (~> 0.6)
      multi_json (~> 1.0)
    addressable (2.3.2)
    backbone-source (0.0.3)
    childprocess (0.3.5)
      ffi (~> 1.0, >= 1.0.6)
    chunky_png (1.2.6)
    coffee-filter (0.1.1)
      coffee-script (>= 2.2.0)
      haml (>= 3.0.18)
    coffee-script (2.2.0)
      coffee-script-source
      execjs
    coffee-script-source (1.3.3)
    compass (0.12.2)
      chunky_png (~> 1.2)
      fssm (>= 0.2.7)
      sass (~> 3.1)
    cornerstone-source (0.1.5)
    diff-lcs (1.1.3)
    execjs (1.4.0)
      multi_json (~> 1.0)
    ffi (1.1.5)
    fssm (0.2.9)
    guard (1.3.2)
      listen (>= 0.4.2)
      thor (>= 0.14.6)
    haml (3.1.7)
    hike (1.2.1)
    http_router (0.10.2)
      rack (>= 1.0.0)
      url_mount (~> 0.2.1)
    i18n (0.6.1)
    jasmine (1.2.1)
      jasmine-core (>= 1.2.0)
      rack (~> 1.0)
      rspec (>= 1.3.1)
      selenium-webdriver (>= 0.1.3)
    jasmine-core (1.2.0)
    jasmine-spec-extras (0.0.2)
    jquery-source (1.7.1)
    libwebsocket (0.1.5)
      addressable
    listen (0.5.0)
    maruku (0.6.1)
      syntax (>= 1.0.0)
    middleman (3.0.4)
      middleman-core (= 3.0.4)
      middleman-more (= 3.0.4)
      middleman-sprockets (~> 3.0.1)
    middleman-core (3.0.4)
      activesupport (~> 3.2.6)
      bundler (~> 1.1)
      listen (~> 0.5.0)
      rack (~> 1.4.1)
      rack-test (~> 0.6.1)
      rb-fsevent (~> 0.9.1)
      rb-inotify (~> 0.8.8)
      thor (~> 0.15.4)
      tilt (~> 1.3.1)
    middleman-more (3.0.4)
      coffee-script (~> 2.2.0)
      coffee-script-source (~> 1.3.3)
      compass (>= 0.12.2)
      execjs (~> 1.4.0)
      haml (>= 3.1.6)
      i18n (~> 0.6.0)
      maruku (~> 0.6.0)
      middleman-core (= 3.0.4)
      padrino-helpers (= 0.10.7)
      sass (>= 3.1.20)
      uglifier (~> 1.2.6)
    middleman-sprockets (3.0.1)
      middleman-more (~> 3.0.1)
      sprockets (~> 2.1)
      sprockets-sass (~> 0.8.0)
    multi_json (1.3.6)
    oj (1.3.4)
    padrino-core (0.10.7)
      activesupport (~> 3.2.0)
      http_router (~> 0.10.2)
      sinatra (~> 1.3.1)
      thor (~> 0.15.2)
      tilt (~> 1.3.0)
    padrino-helpers (0.10.7)
      i18n (~> 0.6)
      padrino-core (= 0.10.7)
    rack (1.4.1)
    rack-protection (1.2.0)
      rack
    rack-test (0.6.1)
      rack (>= 1.0)
    rainbow (1.1.4)
    rake (0.9.2.2)
    rb-fsevent (0.9.1)
    rb-inotify (0.8.8)
      ffi (>= 0.5.0)
    rspec (2.11.0)
      rspec-core (~> 2.11.0)
      rspec-expectations (~> 2.11.0)
      rspec-mocks (~> 2.11.0)
    rspec-core (2.11.1)
    rspec-expectations (2.11.3)
      diff-lcs (~> 1.1.3)
    rspec-mocks (2.11.2)
    rubyzip (0.9.9)
    sass (3.2.1)
    selenium-webdriver (2.25.0)
      childprocess (>= 0.2.5)
      libwebsocket (~> 0.1.3)
      multi_json (~> 1.0)
      rubyzip
    sinatra (1.3.3)
      rack (~> 1.3, >= 1.3.6)
      rack-protection (~> 1.2)
      tilt (~> 1.3, >= 1.3.3)
    sprockets (2.5.0)
      hike (~> 1.2)
      multi_json (~> 1.0)
      rack (~> 1.0)
      tilt (~> 1.1, != 1.3.0)
    sprockets-sass (0.8.0)
      sprockets (~> 2.0)
      tilt (~> 1.1)
    sprockets-vendor_gems (0.1.3)
      sprockets
    syntax (1.0.0)
    thor (0.15.4)
    tilt (1.3.3)
    uglifier (1.2.7)
      execjs (>= 0.3.0)
      multi_json (~> 1.3)
    underscore-source (1.3.3)
    url_mount (0.2.1)
      rack

PLATFORMS
  ruby

DEPENDENCIES
  backbone-source
  coffee-filter
  cornerstone-source
  editor_base!
  guard-jasmine-headless-webkit!
  haml_coffee_assets!
  jasmine
  jasmine-headless-webkit!
  jasmine-spec-extras
  jquery-source
  middleman (~> 3.0.0)
  oj
  pixie_sass!
  rake
  rb-fsevent
  underscore-source
